GEM
  remote: http://rubygems.org/
  specs:
    actionmailer (3.1.0)
      actionpack (= 3.1.0)
      mail (~> 2.3.0)
    actionpack (3.1.0)
      activemodel (= 3.1.0)
      activesupport (= 3.1.0)
      builder (~> 3.0.0)
      erubis (~> 2.7.0)
      i18n (~> 0.6)
      rack (~> 1.3.2)
      rack-cache (~> 1.0.3)
      rack-mount (~> 0.8.2)
      rack-test (~> 0.6.1)
      sprockets (~> 2.0.0)
    activemodel (3.1.0)
      activesupport (= 3.1.0)
      bcrypt-ruby (~> 3.0.0)
      builder (~> 3.0.0)
      i18n (~> 0.6)
    activerecord (3.1.0)
      activemodel (= 3.1.0)
      activesupport (= 3.1.0)
      arel (~> 2.2.1)
      tzinfo (~> 0.3.29)
    activerecord-jdbc-adapter (1.2.2)
    activerecord-jdbcsqlite3-adapter (1.2.2)
      activerecord-jdbc-adapter (~> 1.2.2)
      jdbc-sqlite3 (~> 3.7.2)
    activeresource (3.1.0)
      activemodel (= 3.1.0)
      activesupport (= 3.1.0)
    activesupport (3.1.0)
      multi_json (~> 1.0)
    arel (2.2.3)
    bcrypt-ruby (3.0.1-java)
    blankslate (2.1.2.4)
    bouncy-castle-java (1.5.0146.1)
    builder (3.0.0)
    clj (0.0.5.6)
    coffee-rails (3.1.1)
      coffee-script (>= 2.2.0)
      railties (~> 3.1.0)
    coffee-script (2.2.0)
      coffee-script-source
      execjs
    coffee-script-source (1.3.1)
    erubis (2.7.0)
    execjs (1.3.1)
      multi_json (~> 1.0)
    hike (1.2.1)
    httpclient (2.2.4)
    i18n (0.6.0)
    jdbc-sqlite3 (3.7.2)
    jquery-rails (1.0.19)
      railties (~> 3.0)
      thor (~> 0.14)
    jruby-openssl (0.7.6.1)
      bouncy-castle-java (>= 1.5.0146.1)
    json (1.7.0-java)
    mail (2.3.3)
      i18n (>= 0.4.0)
      mime-types (~> 1.16)
      treetop (~> 1.4.8)
    mime-types (1.18)
    multi_json (1.3.4)
    polyglot (0.3.3)
    rack (1.3.6)
    rack-cache (1.0.3)
      rack (>= 0.4)
    rack-mount (0.8.3)
      rack (>= 1.0.0)
    rack-ssl (1.3.2)
      rack
    rack-test (0.6.1)
      rack (>= 1.0)
    rails (3.1.0)
      actionmailer (= 3.1.0)
      actionpack (= 3.1.0)
      activerecord (= 3.1.0)
      activeresource (= 3.1.0)
      activesupport (= 3.1.0)
      bundler (~> 1.0)
      railties (= 3.1.0)
    railties (3.1.0)
      actionpack (= 3.1.0)
      activesupport (= 3.1.0)
      rack-ssl (~> 1.3.2)
      rake (>= 0.8.7)
      rdoc (~> 3.4)
      thor (~> 0.14.6)
    rake (0.9.2.2)
    rdoc (3.12)
      json (~> 1.4)
    sass (3.1.16)
    sass-rails (3.1.4)
      actionpack (~> 3.1.0)
      railties (~> 3.1.0)
      sass (>= 3.1.4)
      sprockets (~> 2.0.0)
      tilt (~> 1.3.2)
    sprockets (2.0.4)
      hike (~> 1.2)
      rack (~> 1.0)
      tilt (~> 1.1, != 1.3.0)
    therubyrhino (1.73.3)
    thor (0.14.6)
    tilt (1.3.3)
    torquebox (2.0.0)
      thor (>= 0.9.0, < 1.0.0)
      torquebox-cache (= 2.0.0)
      torquebox-configure (= 2.0.0)
      torquebox-core (= 2.0.0)
      torquebox-messaging (= 2.0.0)
      torquebox-naming (= 2.0.0)
      torquebox-rake-support (= 2.0.0)
      torquebox-security (= 2.0.0)
      torquebox-stomp (= 2.0.0)
      torquebox-transactions (= 2.0.0)
      torquebox-web (= 2.0.0)
    torquebox-cache (2.0.0-java)
      torquebox-core (= 2.0.0)
      torquebox-transactions (= 2.0.0)
    torquebox-configure (2.0.0-java)
      blankslate (= 2.1.2.4)
    torquebox-core (2.0.0-java)
    torquebox-messaging (2.0.0-java)
      clj (= 0.0.5.6)
      torquebox-core (= 2.0.0)
      torquebox-transactions (= 2.0.0)
    torquebox-naming (2.0.0-java)
    torquebox-rake-support (2.0.0)
      rake (>= 0.8.7, < 1.0.0)
    torquebox-security (2.0.0-java)
      torquebox-core (= 2.0.0)
    torquebox-server (2.0.0-java)
      torquebox (= 2.0.0)
    torquebox-stomp (2.0.0)
      torquebox-core (= 2.0.0)
      torquebox-messaging (= 2.0.0)
    torquebox-transactions (2.0.0)
      torquebox-core (= 2.0.0)
    torquebox-web (2.0.0-java)
    treetop (1.4.10)
      polyglot
      polyglot (>= 0.3.1)
    tzinfo (0.3.33)
    uglifier (1.1.0)
      execjs (>= 0.3.0)
      multi_json (>= 1.0.2)

PLATFORMS
  java

DEPENDENCIES
  activerecord-jdbcsqlite3-adapter
  coffee-rails (= 3.1.1)
  httpclient (= 2.2.4)
  jquery-rails
  jruby-openssl
  json
  rails (= 3.1.0)
  sass-rails (= 3.1.4)
  therubyrhino
  torquebox (= 2.0.0)
  torquebox-rake-support (= 2.0.0)
  torquebox-server (= 2.0.0)
  uglifier (= 1.1.0)
